GEM
  remote: https://www.rubygems.org/
  specs:
    diff-lcs (1.4.4)
    parallel (1.19.2)
    parallel_tests (2.7.1)
      parallel
    rake (13.0.1)
    rspec (3.9.0)
      rspec-core (~> 3.9.0)
      rspec-expectations (~> 3.9.0)
      rspec-mocks (~> 3.9.0)
    rspec-core (3.9.3)
      rspec-support (~> 3.9.3)
    rspec-expectations (3.9.4)
      diff-lcs (>= 1.2.0, < 2.0)
      rspec-support (~> 3.9.0)
    rspec-mocks (3.9.1)
      diff-lcs (>= 1.2.0, < 2.0)
      rspec-support (~> 3.9.0)
    rspec-support (3.9.4)

PLATFORMS
  ruby

DEPENDENCIES
  parallel_tests (~> 2.7.1)
  rake (~> 13.0.1)
  rspec (~> 3.9.0)

BUNDLED WITH
   2.1.4
